GEM
  remote: http://rubygems.org/
  specs:
    addressable (2.3.3)
    aws-s3 (0.6.3)
      builder
      mime-types
      xml-simple
    backports (3.0.2)
    builder (3.2.0)
    eventmachine (1.0.0)
    excon (0.16.10)
    glorify (0.3.1)
      nokogiri
      pygments.rb
      redcarpet (~> 2.0)
      sinatra
    haml (4.0.0)
      tilt
    hassle (0.0.1)
      haml
      rack
    heroku (2.35.0)
      heroku-api (~> 0.3.7)
      launchy (>= 0.3.2)
      netrc (~> 0.7.7)
      rest-client (~> 1.6.1)
      rubyzip
    heroku-api (0.3.7)
      excon (~> 0.16.10)
    launchy (2.2.0)
      addressable (~> 2.3)
    mime-types (1.21)
    monkey-lib (0.5.4)
      backports
    netrc (0.7.7)
    nokogiri (1.5.6)
    posix-spawn (0.3.6)
    pygments.rb (0.4.2)
      posix-spawn (~> 0.3.6)
      yajl-ruby (~> 1.1.0)
    rack (1.5.2)
    rack-protection (1.3.2)
      rack
    rack-rewrite (1.3.3)
    rack-test (0.6.2)
      rack (>= 1.0)
    redcarpet (2.2.2)
    rest-client (1.6.7)
      mime-types (>= 1.16)
    rubyzip (0.9.9)
    sass (3.2.6)
    sinatra (1.3.4)
      rack (~> 1.4)
      rack-protection (~> 1.3)
      tilt (~> 1.3, >= 1.3.3)
    sinatra-advanced-routes (0.5.2)
      monkey-lib (~> 0.5.0)
      sinatra (~> 1.0)
      sinatra-sugar (~> 0.5.0)
    sinatra-contrib (1.3.2)
      backports (>= 2.0)
      eventmachine
      rack-protection
      rack-test
      sinatra (~> 1.3.0)
      tilt (~> 1.3)
    sinatra-reloader (1.0)
      sinatra-contrib
    sinatra-sugar (0.5.1)
      monkey-lib (~> 0.5.0)
      sinatra (~> 1.0)
    tilt (1.3.3)
    xml-simple (1.1.2)
    ya2yaml (0.31)
    yajl-ruby (1.1.0)

PLATFORMS
  ruby

DEPENDENCIES
  aws-s3
  glorify
  haml
  hassle
  heroku
  nokogiri
  rack-rewrite
  sass
  sinatra
  sinatra-advanced-routes
  sinatra-reloader
  ya2yaml
