GEM
  remote: http://rubygems.org/
  specs:
    aws-s3 (0.6.2)
      builder
      mime-types
      xml-simple
    backports (1.18.2)
    builder (3.0.0)
    configuration (1.2.0)
    haml (3.0.25)
    hassle (0.0.1)
      haml
      rack
    heroku (1.18.0)
      json (~> 1.5.1)
      launchy (~> 0.3.2)
      rest-client (>= 1.4.0, < 1.7.0)
    json (1.5.1)
    launchy (0.3.7)
      configuration (>= 0.0.5)
      rake (>= 0.8.1)
    mime-types (1.16)
    monkey-lib (0.5.4)
      backports
    rack (1.2.1)
    rack-rewrite (1.0.2)
    rake (0.8.7)
    rdiscount (1.6.8)
    rest-client (1.6.1)
      mime-types (>= 1.16)
    sinatra (1.1.3)
      rack (~> 1.1)
      tilt (>= 1.2.2, < 2.0)
    sinatra-advanced-routes (0.5.1)
      monkey-lib (~> 0.5.0)
      sinatra (~> 1.0)
      sinatra-sugar (~> 0.5.0)
    sinatra-reloader (0.5.0)
      sinatra (~> 1.0)
      sinatra-advanced-routes (~> 0.5.0)
    sinatra-sugar (0.5.0)
      monkey-lib (~> 0.5.0)
      sinatra (~> 1.0)
    tilt (1.2.2)
    xml-simple (1.0.14)
    ya2yaml (0.30)

PLATFORMS
  ruby

DEPENDENCIES
  aws-s3 (= 0.6.2)
  haml (= 3.0.25)
  hassle (= 0.0.1)
  heroku (= 1.18.0)
  rack-rewrite (= 1.0.2)
  rdiscount (= 1.6.8)
  sinatra (= 1.1.3)
  sinatra-advanced-routes (= 0.5.1)
  sinatra-reloader (= 0.5.0)
  ya2yaml (= 0.30)
